PATH
  remote: .
  specs:
    postwave (0.0.2)
      redcarpet (~> 3.6)

GEM
  remote: https://rubygems.org/
  specs:
    rake (12.3.3)
    redcarpet (3.6.0)

PLATFORMS
  arm64-darwin-21

DEPENDENCIES
  bundler
  postwave!
  rake (~> 12.3)

BUNDLED WITH
   2.2.31
